GEM
  remote: https://rubygems.org/
  specs:
    rack (1.4.5)
    rulers (0.0.1)
      rack

PLATFORMS
  ruby

DEPENDENCIES
  rulers
